GEM
  remote: https://rubygems.org/
  specs:
    mustermann (1.0.3)
    pg (1.1.4)
    rack (2.0.6)
    rack-protection (2.0.7)
      rack
    rake (12.3.1)
    sequel (5.23.0)
    sinatra (2.0.7)
      mustermann (~> 1.0)
      rack (~> 2.0)
      rack-protection (= 2.0.7)
      tilt (~> 2.0)
    sqlite3 (1.4.1)
    tilt (2.0.8)

PLATFORMS
  ruby

DEPENDENCIES
  pg
  rake
  sequel
  sinatra
  sqlite3

BUNDLED WITH
   1.16.2
